GIT
  remote: https://github.com/LucasSousaR/easy_table
  revision: 41bb014fbe577bd2085ec72c80952f9e980029d2
  specs:
    easy_table (0.0.10)
      actionpack (> 4.2)
      activemodel (> 4.2)
      rubytree (~> 1.0)

GIT
  remote: https://github.com/mimemagicrb/mimemagic.git
  revision: af5a9b1c5b774e65fd84bd7ca4239a9f3eba2039
  specs:
    mimemagic (0.4.3)
      nokogiri (~> 1)
      rake

GEM
  remote: https://rubygems.org/
  specs:
    actioncable (5.2.8.1)
      actionpack (= 5.2.8.1)
      nio4r (~> 2.0)
      websocket-driver (>= 0.6.1)
    actionmailer (5.2.8.1)
      actionpack (= 5.2.8.1)
      actionview (= 5.2.8.1)
      activejob (= 5.2.8.1)
      mail (~> 2.5, >= 2.5.4)
      rails-dom-testing (~> 2.0)
    actionpack (5.2.8.1)
      actionview (= 5.2.8.1)
      activesupport (= 5.2.8.1)
      rack (~> 2.0, >= 2.0.8)
      rack-test (>= 0.6.3)
      rails-dom-testing (~> 2.0)
      rails-html-sanitizer (~> 1.0, >= 1.0.2)
    actionview (5.2.8.1)
      activesupport (= 5.2.8.1)
      builder (~> 3.1)
      erubi (~> 1.4)
      rails-dom-testing (~> 2.0)
      rails-html-sanitizer (~> 1.0, >= 1.0.3)
    activejob (5.2.8.1)
      activesupport (= 5.2.8.1)
      globalid (>= 0.3.6)
    activemodel (5.2.8.1)
      activesupport (= 5.2.8.1)
    activerecord (5.2.8.1)
      activemodel (= 5.2.8.1)
      activesupport (= 5.2.8.1)
      arel (>= 9.0)
    activestorage (5.2.8.1)
      actionpack (= 5.2.8.1)
      activerecord (= 5.2.8.1)
      marcel (~> 1.0.0)
    activesupport (5.2.8.1)
      concurrent-ruby (~> 1.0, >= 1.0.2)
      i18n (>= 0.7, < 2)
      minitest (~> 5.1)
      tzinfo (~> 1.1)
    addressable (2.8.7)
      public_suffix (>= 2.0.2, < 7.0)
    archive-zip (0.12.0)
      io-like (~> 0.3.0)
    arel (9.0.0)
    ast (2.4.2)
    attr_json (0.6.0)
      activerecord (>= 5.0.0, < 6.1)
    base64 (0.2.0)
    bcrypt (3.1.20)
    bigdecimal (3.1.8)
    bindex (0.8.1)
    bootsnap (1.18.4)
      msgpack (~> 1.2)
    builder (3.3.0)
    byebug (11.1.3)
    cancancan (2.3.0)
    capybara (3.39.2)
      addressable
      matrix
      mini_mime (>= 0.1.3)
      nokogiri (~> 1.8)
      rack (>= 1.6.0)
      rack-test (>= 0.6.3)
      regexp_parser (>= 1.5, < 3.0)
      xpath (~> 3.2)
    capybara-select-2 (0.4.4)
    childprocess (3.0.0)
    chroma (0.2.0)
    chromedriver-helper (2.1.1)
      archive-zip (~> 0.10)
      nokogiri (~> 1.8)
    coffee-rails (4.2.2)
      coffee-script (>= 2.2.0)
      railties (>= 4.0.0)
    coffee-script (2.4.1)
      coffee-script-source
      execjs
    coffee-script-source (1.12.2)
    concurrent-ruby (1.3.3)
    connection_pool (2.4.1)
    cpf_cnpj (0.5.0)
    crack (1.0.0)
      bigdecimal
      rexml
    crass (1.0.6)
    date (3.3.4)
    devise (4.9.4)
      bcrypt (~> 3.0)
      orm_adapter (~> 0.1)
      railties (>= 4.1.0)
      responders
      warden (~> 1.2.3)
    diff-lcs (1.5.1)
    docile (1.4.1)
    domain_name (0.6.20240107)
    dotenv (2.8.1)
    dotenv-rails (2.8.1)
      dotenv (= 2.8.1)
      railties (>= 3.2)
    erubi (1.13.0)
    et-orbi (1.2.11)
      tzinfo
    execjs (2.9.1)
    factory_bot (6.4.5)
      activesupport (>= 5.0.0)
    factory_bot_rails (6.4.3)
      factory_bot (~> 6.4)
      railties (>= 5.0.0)
    faker (1.9.6)
      i18n (>= 0.7)
    faraday (1.10.3)
      faraday-em_http (~> 1.0)
      faraday-em_synchrony (~> 1.0)
      faraday-excon (~> 1.1)
      faraday-httpclient (~> 1.0)
      faraday-multipart (~> 1.0)
      faraday-net_http (~> 1.0)
      faraday-net_http_persistent (~> 1.0)
      faraday-patron (~> 1.0)
      faraday-rack (~> 1.0)
      faraday-retry (~> 1.0)
      ruby2_keywords (>= 0.0.4)
    faraday-em_http (1.0.0)
    faraday-em_synchrony (1.0.0)
    faraday-excon (1.1.0)
    faraday-httpclient (1.0.1)
    faraday-multipart (1.0.4)
      multipart-post (~> 2)
    faraday-net_http (1.0.2)
    faraday-net_http_persistent (1.2.0)
    faraday-patron (1.0.0)
    faraday-rack (1.0.0)
    faraday-retry (1.0.3)
    ffi (1.17.0)
    flexirest (1.10.12)
      activesupport
      crack
      faraday (~> 1.0)
      mime-types
      multi_json
    fugit (1.11.0)
      et-orbi (~> 1, >= 1.2.11)
      raabro (~> 1.4)
    globalid (1.1.0)
      activesupport (>= 5.0)
    haml (5.2.2)
      temple (>= 0.8.0)
      tilt
    hashdiff (1.1.1)
    http-accept (1.7.0)
    http-cookie (1.0.6)
      domain_name (~> 0.5)
    i18n (1.14.5)
      concurrent-ruby (~> 1.0)
    io-like (0.3.1)
    jbuilder (2.12.0)
      actionview (>= 5.0.0)
      activesupport (>= 5.0.0)
    json (2.7.2)
    kaminari (1.2.2)
      activesupport (>= 4.1.0)
      kaminari-actionview (= 1.2.2)
      kaminari-activerecord (= 1.2.2)
      kaminari-core (= 1.2.2)
    kaminari-actionview (1.2.2)
      actionview
      kaminari-core (= 1.2.2)
    kaminari-activerecord (1.2.2)
      activerecord
      kaminari-core (= 1.2.2)
    kaminari-core (1.2.2)
    language_server-protocol (3.17.0.3)
    listen (3.1.5)
      rb-fsevent (~> 0.9, >= 0.9.4)
      rb-inotify (~> 0.9, >= 0.9.7)
      ruby_dep (~> 1.2)
    logger (1.6.0)
    loofah (2.22.0)
      crass (~> 1.0.2)
      nokogiri (>= 1.12.0)
    mail (2.8.1)
      mini_mime (>= 0.1.1)
      net-imap
      net-pop
      net-smtp
    marcel (1.0.4)
    matrix (0.4.2)
    method_source (1.1.0)
    mime-types (3.5.2)
      mime-types-data (~> 3.2015)
    mime-types-data (3.2024.0806)
    mini_mime (1.1.5)
    minitest (5.24.1)
    msgpack (1.7.2)
    multi_json (1.15.0)
    multipart-post (2.4.1)
    net-http (0.4.1)
      uri
    net-imap (0.4.14)
      date
      net-protocol
    net-pop (0.1.2)
      net-protocol
    net-protocol (0.2.2)
      timeout
    net-smtp (0.5.0)
      net-protocol
    netrc (0.11.0)
    nio4r (2.7.3)
    nokogiri (1.15.6-x86_64-linux)
      racc (~> 1.4)
    openssl (3.2.0)
    orm_adapter (0.5.0)
    paper_trail (10.3.1)
      activerecord (>= 4.2)
      request_store (~> 1.1)
    parallel (1.26.0)
    paranoia (2.6.4)
      activerecord (>= 5.1, < 7.2)
    parser (3.3.4.2)
      ast (~> 2.4.1)
      racc
    pg (1.5.7)
    public_suffix (5.1.1)
    puma (3.12.6)
    raabro (1.4.0)
    racc (1.8.1)
    rack (2.2.9)
    rack-proxy (0.7.7)
      rack
    rack-test (2.1.0)
      rack (>= 1.3)
    rails (5.2.8.1)
      actioncable (= 5.2.8.1)
      actionmailer (= 5.2.8.1)
      actionpack (= 5.2.8.1)
      actionview (= 5.2.8.1)
      activejob (= 5.2.8.1)
      activemodel (= 5.2.8.1)
      activerecord (= 5.2.8.1)
      activestorage (= 5.2.8.1)
      activesupport (= 5.2.8.1)
      bundler (>= 1.3.0)
      railties (= 5.2.8.1)
      sprockets-rails (>= 2.0.0)
    rails-dom-testing (2.2.0)
      activesupport (>= 5.0.0)
      minitest
      nokogiri (>= 1.6)
    rails-html-sanitizer (1.6.0)
      loofah (~> 2.21)
      nokogiri (~> 1.14)
    railties (5.2.8.1)
      actionpack (= 5.2.8.1)
      activesupport (= 5.2.8.1)
      method_source
      rake (>= 0.8.7)
      thor (>= 0.19.0, < 2.0)
    rainbow (3.1.1)
    rake (13.2.1)
    ransack (2.5.0)
      activerecord (>= 5.2.4)
      activesupport (>= 5.2.4)
      i18n
    rb-fsevent (0.11.2)
    rb-inotify (0.11.1)
      ffi (~> 1.0)
    redis (4.8.1)
    redis-client (0.22.2)
      connection_pool
    regexp_parser (2.9.2)
    render_async (2.1.11)
    request_store (1.7.0)
      rack (>= 1.4)
    responders (3.1.1)
      actionpack (>= 5.2)
      railties (>= 5.2)
    rest-client (2.1.0)
      http-accept (>= 1.7.0, < 2.0)
      http-cookie (>= 1.0.2, < 2.0)
      mime-types (>= 1.16, < 4.0)
      netrc (~> 0.8)
    rexml (3.3.4)
      strscan
    rspec-core (3.13.0)
      rspec-support (~> 3.13.0)
    rspec-expectations (3.13.1)
      diff-lcs (>= 1.2.0, < 2.0)
      rspec-support (~> 3.13.0)
    rspec-mocks (3.13.1)
      diff-lcs (>= 1.2.0, < 2.0)
      rspec-support (~> 3.13.0)
    rspec-rails (5.1.2)
      actionpack (>= 5.2)
      activesupport (>= 5.2)
      railties (>= 5.2)
      rspec-core (~> 3.10)
      rspec-expectations (~> 3.10)
      rspec-mocks (~> 3.10)
      rspec-support (~> 3.10)
    rspec-support (3.13.1)
    rspec_junit_formatter (0.4.1)
      rspec-core (>= 2, < 4, != 2.12.0)
    rubocop (1.65.1)
      json (~> 2.3)
      language_server-protocol (>= 3.17.0)
      parallel (~> 1.10)
      parser (>= 3.3.0.2)
      rainbow (>= 2.2.2, < 4.0)
      regexp_parser (>= 2.4, < 3.0)
      rexml (>= 3.2.5, < 4.0)
      rubocop-ast (>= 1.31.1, < 2.0)
      ruby-progressbar (~> 1.7)
      unicode-display_width (>= 2.4.0, < 3.0)
    rubocop-ast (1.32.0)
      parser (>= 3.3.1.0)
    rubocop-performance (1.21.1)
      rubocop (>= 1.48.1, < 2.0)
      rubocop-ast (>= 1.31.1, < 2.0)
    rubocop-rails (2.25.1)
      activesupport (>= 4.2.0)
      rack (>= 1.1)
      rubocop (>= 1.33.0, < 2.0)
      rubocop-ast (>= 1.31.1, < 2.0)
    rubocop-rspec (3.0.4)
      rubocop (~> 1.61)
    rubocop-rspec_rails (2.30.0)
      rubocop (~> 1.61)
      rubocop-rspec (~> 3, >= 3.0.1)
    ruby-progressbar (1.13.0)
    ruby2_keywords (0.0.5)
    ruby_dep (1.5.0)
    rubytree (1.0.0)
      json (~> 2.1)
      structured_warnings (~> 0.3)
    rubyzip (2.3.2)
    sass (3.7.4)
      sass-listen (~> 4.0.0)
    sass-listen (4.0.0)
      rb-fsevent (~> 0.9, >= 0.9.4)
      rb-inotify (~> 0.9, >= 0.9.7)
    sass-rails (5.1.0)
      railties (>= 5.2.0)
      sass (~> 3.1)
      sprockets (>= 2.8, < 4.0)
      sprockets-rails (>= 2.0, < 4.0)
      tilt (>= 1.1, < 3)
    seed_dump (3.3.1)
      activerecord (>= 4)
      activesupport (>= 4)
    selenium-webdriver (3.142.7)
      childprocess (>= 0.5, < 4.0)
      rubyzip (>= 1.2.2)
    semantic_range (3.0.0)
    sidekiq (7.3.0)
      concurrent-ruby (< 2)
      connection_pool (>= 2.3.0)
      logger
      rack (>= 2.2.4)
      redis-client (>= 0.22.2)
    sidekiq-batch (0.2.0)
      sidekiq (>= 7, < 8)
    sidekiq-cron (1.12.0)
      fugit (~> 1.8)
      globalid (>= 1.0.1)
      sidekiq (>= 6)
    simple_form (4.1.0)
      actionpack (>= 5.0)
      activemodel (>= 5.0)
    simplecov (0.22.0)
      docile (~> 1.1)
      simplecov-html (~> 0.11)
      simplecov_json_formatter (~> 0.1)
    simplecov-html (0.12.3)
    simplecov_json_formatter (0.1.4)
    spring (2.1.1)
    spring-watcher-listen (2.0.1)
      listen (>= 2.7, < 4.0)
      spring (>= 1.2, < 3.0)
    sprockets (3.7.3)
      base64
      concurrent-ruby (~> 1.0)
      rack (> 1, < 3)
    sprockets-rails (3.4.2)
      actionpack (>= 5.2)
      activesupport (>= 5.2)
      sprockets (>= 3.0.0)
    strscan (3.1.0)
    structured_warnings (0.4.0)
    temple (0.10.3)
    thor (1.3.1)
    thread_safe (0.3.6)
    tilt (2.4.0)
    timeout (0.4.1)
    turbolinks (5.2.1)
      turbolinks-source (~> 5.2)
    turbolinks-source (5.2.0)
    tzinfo (1.2.11)
      thread_safe (~> 0.1)
    uglifier (4.2.0)
      execjs (>= 0.3.0, < 3)
    unicode-display_width (2.5.0)
    uri (0.13.0)
    vcr (4.0.0)
    warden (1.2.9)
      rack (>= 2.0.9)
    web-console (3.7.0)
      actionview (>= 5.0)
      activemodel (>= 5.0)
      bindex (>= 0.4.0)
      railties (>= 5.0)
    webmock (3.23.1)
      addressable (>= 2.8.0)
      crack (>= 0.3.2)
      hashdiff (>= 0.4.0, < 2.0.0)
    webpacker (5.4.4)
      activesupport (>= 5.2)
      rack-proxy (>= 0.6.1)
      railties (>= 5.2)
      semantic_range (>= 2.3.0)
    websocket-driver (0.7.6)
      websocket-extensions (>= 0.1.0)
    websocket-extensions (0.1.5)
    will_paginate (3.0.12)
    xpath (3.2.0)
      nokogiri (~> 1.8)

PLATFORMS
  x86_64-linux

DEPENDENCIES
  attr_json (~> 0.6.0)
  bcrypt (~> 3.1.7)
  bootsnap (>= 1.1.0)
  byebug
  cancancan (~> 2.3)
  capybara (~> 3.12)
  capybara-select-2 (~> 0.4.2)
  chroma (~> 0.2.0)
  chromedriver-helper (~> 2.1)
  coffee-rails (~> 4.2)
  cpf_cnpj (~> 0.5.0)
  devise (~> 4.9, >= 4.9.0)
  dotenv-rails (~> 2.7, >= 2.7.2)
  easy_table (~> 0.0.10)!
  factory_bot_rails
  faker
  flexirest (~> 1.7, >= 1.7.5)
  haml (~> 5.1, >= 5.1.1)
  jbuilder (~> 2.5)
  kaminari (~> 1.1, >= 1.1.1)
  listen (>= 3.0.5, < 3.2)
  mimemagic!
  net-http
  openssl
  paper_trail (~> 10.3)
  paranoia (~> 2.4, >= 2.4.1)
  pg (>= 0.18, < 2.0)
  puma (~> 3.11)
  rails (~> 5.2.8, >= 5.2.8.1)
  ransack (~> 2.1)
  redis (~> 4.0)
  render_async
  rest-client (>= 2.0.1)
  rspec-rails
  rspec_junit_formatter (~> 0.4.1)
  rubocop (~> 1.64, >= 1.64.1)
  rubocop-performance (~> 1.21, >= 1.21.1)
  rubocop-rails (~> 2.25)
  rubocop-rspec (~> 3.0, >= 3.0.1)
  rubocop-rspec_rails (~> 2.30)
  sass-rails (~> 5.0)
  seed_dump
  selenium-webdriver (~> 3.141)
  sidekiq
  sidekiq-batch
  sidekiq-cron
  simple_form (~> 4.1)
  simplecov
  spring
  spring-watcher-listen (~> 2.0.0)
  turbolinks (~> 5)
  tzinfo-data
  uglifier (>= 1.3.0)
  uri
  vcr (~> 4.0)
  web-console (>= 3.3.0)
  webmock (~> 3.5, >= 3.5.1)
  webpacker
  will_paginate (~> 3.0.4)

RUBY VERSION
   ruby 2.7.8p225

BUNDLED WITH
   2.2.3
